GIT
  remote: git://github.com/zflat/bike_mfg.git
  revision: ede3d8c11cfe0345f7146bcc12585d7afb41ffe3
  specs:
    bike_mfg (0.1.4)
      oj
      rabl (>= 0.6)
      squeel (~> 1.0.14)

GIT
  remote: git://github.com/zflat/color_name-i18n.git
  revision: 16d5287a8d3e10d5a75cb8403f8c5abc5f5e3720
  specs:
    color_name-i18n (0.2.0)
      activemodel
      bundler (~> 1.2)
      i18n

GIT
  remote: git://github.com/zflat/iso_bsd-i18n.git
  revision: ae2777fa9d774e0e724fe3d9c264023c83639aa6
  specs:
    iso_bsd-i18n (0.2.0)
      bundler (~> 1.2)
      i18n

GIT
  remote: git://github.com/zflat/select2-bikebinder.git
  revision: d3a50f1c0e633377d7b2b2f31abd61fa8a92a493
  specs:
    select2-bikebinder (0.1.9)
      activesupport
      bundler (~> 1.2)

GEM
  remote: https://rubygems.org/
  specs:
    actionmailer (3.2.12)
      actionpack (= 3.2.12)
      mail (~> 2.4.4)
    actionpack (3.2.12)
      activemodel (= 3.2.12)
      activesupport (= 3.2.12)
      builder (~> 3.0.0)
      erubis (~> 2.7.0)
      journey (~> 1.0.4)
      rack (~> 1.4.5)
      rack-cache (~> 1.2)
      rack-test (~> 0.6.1)
      sprockets (~> 2.2.1)
    activemodel (3.2.12)
      activesupport (= 3.2.12)
      builder (~> 3.0.0)
    activerecord (3.2.12)
      activemodel (= 3.2.12)
      activesupport (= 3.2.12)
      arel (~> 3.0.2)
      tzinfo (~> 0.3.29)
    activeresource (3.2.12)
      activemodel (= 3.2.12)
      activesupport (= 3.2.12)
    activesupport (3.2.12)
      i18n (~> 0.6)
      multi_json (~> 1.0)
    acts_as_commentable_with_threading (1.1.2)
      activerecord (>= 3.0)
      activesupport (~> 3.0)
      awesome_nested_set (>= 2.0)
    addressable (2.3.2)
    ansi (1.4.3)
    arel (3.0.2)
    awesome_nested_set (2.1.6)
      activerecord (>= 3.0.0)
    bcrypt-ruby (3.0.1)
    builder (3.0.4)
    capybara (2.0.2)
      mime-types (>= 1.16)
      nokogiri (>= 1.3.3)
      rack (>= 1.0.0)
      rack-test (>= 0.5.4)
      selenium-webdriver (~> 2.0)
      xpath (~> 1.0.0)
    childprocess (0.3.8)
      ffi (~> 1.0, >= 1.0.11)
    choice (0.1.6)
    coderay (1.0.9)
    coffee-rails (3.2.2)
      coffee-script (>= 2.2.0)
      railties (~> 3.2.0)
    coffee-script (2.2.0)
      coffee-script-source
      execjs
    coffee-script-source (1.4.0)
    decent_exposure (1.0.2)
    devise (2.1.3)
      bcrypt-ruby (~> 3.0)
      orm_adapter (~> 0.1)
      railties (~> 3.1)
      warden (~> 1.2.1)
    diff-lcs (1.2.1)
    erubis (2.7.0)
    excon (0.14.0)
    execjs (1.4.0)
      multi_json (~> 1.0)
    factory_girl (4.2.0)
      activesupport (>= 3.0.0)
    factory_girl_rails (4.2.1)
      factory_girl (~> 4.2.0)
      railties (>= 3.0.0)
    fastercsv (1.5.5)
    ffi (1.4.0)
    formtastic (1.2.4)
      actionpack (>= 2.3.7)
      activesupport (>= 2.3.7)
      i18n (~> 0.4)
    friendly_id (4.0.9)
    guard (1.6.2)
      listen (>= 0.6.0)
      lumberjack (>= 1.0.2)
      pry (>= 0.9.10)
      terminal-table (>= 1.4.3)
      thor (>= 0.14.6)
    guard-rspec (0.5.5)
      guard (>= 0.8.4)
    guard-spork (0.3.2)
      guard (>= 0.8.4)
      spork (>= 0.8.4)
    haml (3.1.8)
    heroku (2.27.3)
      heroku-api (~> 0.2.5)
      launchy (>= 0.3.2)
      netrc (~> 0.7.4)
      rest-client (~> 1.6.1)
      rubyzip
    heroku-api (0.2.5)
      excon (~> 0.14.0)
    hike (1.2.1)
    httparty (0.10.2)
      multi_json (~> 1.0)
      multi_xml (>= 0.5.2)
    i18n (0.6.1)
    i18n-js (2.1.2)
      i18n
    journey (1.0.4)
    jquery-rails (2.2.1)
      railties (>= 3.0, < 5.0)
      thor (>= 0.14, < 2.0)
    jquery-ui-rails (4.0.1)
      jquery-rails
      railties (>= 3.1.0)
    jquery-ui-themes (0.0.8)
      httparty
    json (1.7.7)
    launchy (2.2.0)
      addressable (~> 2.3)
    libnotify (0.5.9)
    libv8 (3.3.10.4)
    listen (0.7.2)
    lumberjack (1.0.2)
    mail (2.4.4)
      i18n (>= 0.4.0)
      mime-types (~> 1.16)
      treetop (~> 1.4.8)
    method_source (0.8.1)
    mime-types (1.21)
    mini_magick (3.5.0)
      subexec (~> 0.2.1)
    multi_json (1.6.1)
    multi_xml (0.5.3)
    mustache (0.99.4)
    netrc (0.7.4)
    nokogiri (1.5.6)
    oj (2.0.10)
    orm_adapter (0.4.0)
    pg (0.14.1)
    polyamorous (0.5.0)
      activerecord (~> 3.0)
    polyglot (0.3.3)
    pry (0.9.12)
      coderay (~> 1.0.5)
      method_source (~> 0.8)
      slop (~> 3.4)
    rabl (0.6.14)
      activesupport (>= 2.3.14)
      multi_json (~> 1.0)
    rack (1.4.5)
    rack-cache (1.2)
      rack (>= 0.4)
    rack-ssl (1.3.3)
      rack
    rack-test (0.6.2)
      rack (>= 1.0)
    railroady (1.1.0)
    rails (3.2.12)
      actionmailer (= 3.2.12)
      actionpack (= 3.2.12)
      activerecord (= 3.2.12)
      activeresource (= 3.2.12)
      activesupport (= 3.2.12)
      bundler (~> 1.0)
      railties (= 3.2.12)
    rails-erd (1.1.0)
      activerecord (>= 3.0)
      activesupport (>= 3.0)
      choice (~> 0.1.6)
      ruby-graphviz (~> 1.0.4)
    railties (3.2.12)
      actionpack (= 3.2.12)
      activesupport (= 3.2.12)
      rack-ssl (~> 1.3.2)
      rake (>= 0.8.7)
      rdoc (~> 3.4)
      thor (>= 0.14.6, < 2.0)
    rake (10.0.3)
    rb-inotify (0.8.8)
      ffi (>= 0.5.0)
    rdoc (3.12.1)
      json (~> 1.4)
    rest-client (1.6.7)
      mime-types (>= 1.16)
    rqrcode (0.4.2)
    rqrcode-rails3 (0.1.6)
      rqrcode (>= 0.4.2)
    rspec-core (2.13.0)
    rspec-expectations (2.13.0)
      diff-lcs (>= 1.1.3, < 2.0)
    rspec-mocks (2.13.0)
    rspec-rails (2.13.0)
      actionpack (>= 3.0)
      activesupport (>= 3.0)
      railties (>= 3.0)
      rspec-core (~> 2.13.0)
      rspec-expectations (~> 2.13.0)
      rspec-mocks (~> 2.13.0)
    ruby-graphviz (1.0.8)
    ruby-units (1.4.2)
    rubyzip (0.9.9)
    sass (3.2.6)
    sass-rails (3.2.6)
      railties (~> 3.2.0)
      sass (>= 3.1.10)
      tilt (~> 1.3)
    select2-rails (3.3.0)
      sass-rails (~> 3.2)
      thor (~> 0.14)
    selenium-webdriver (2.30.0)
      childprocess (>= 0.2.5)
      multi_json (~> 1.0)
      rubyzip
      websocket (~> 1.0.4)
    slop (3.4.3)
    spork (0.9.0)
    sprockets (2.2.2)
      hike (~> 1.2)
      multi_json (~> 1.0)
      rack (~> 1.0)
      tilt (~> 1.1, != 1.3.0)
    sqlite3 (1.3.7)
    squeel (1.0.16)
      activerecord (~> 3.0)
      activesupport (~> 3.0)
      polyamorous (~> 0.5.0)
    state_machine (1.1.2)
    strong_parameters (0.2.0)
      actionpack (~> 3.0)
      activemodel (~> 3.0)
      railties (~> 3.0)
    subexec (0.2.2)
    surveyor (0.22.0)
      fastercsv (~> 1.5.4)
      formtastic (~> 1.2.4)
      haml (~> 3.1.3)
      mustache (= 0.99.4)
      rabl (~> 0.6.6)
      rails (~> 3.0)
      sass
      uuidtools (~> 2.1)
    terminal-table (1.4.5)
    therubyracer (0.10.2)
      libv8 (~> 3.3.10)
    thor (0.17.0)
    tilt (1.3.3)
    treetop (1.4.12)
      polyglot
      polyglot (>= 0.3.1)
    turn (0.9.6)
      ansi
    tzinfo (0.3.35)
    uglifier (1.3.0)
      execjs (>= 0.3.0)
      multi_json (~> 1.0, >= 1.0.2)
    uuidtools (2.1.3)
    warden (1.2.1)
      rack (>= 1.0)
    websocket (1.0.7)
    xpath (1.0.0)
      nokogiri (~> 1.3)

PLATFORMS
  ruby

DEPENDENCIES
  acts_as_commentable_with_threading (= 1.1.2)
  bike_mfg (>= 0.1.4)!
  capybara (~> 2.0.2)
  coffee-rails (~> 3.2.1)
  color_name-i18n (>= 0.2)!
  decent_exposure (~> 1.0.2)
  devise (~> 2.1.0)
  factory_girl_rails (~> 4.0)
  friendly_id (~> 4.0.5)
  guard-rspec (= 0.5.5)
  guard-spork (= 0.3.2)
  heroku
  i18n-js
  iso_bsd-i18n (>= 0.2)!
  jquery-rails (~> 2)
  jquery-ui-rails
  jquery-ui-themes
  libnotify (= 0.5.9)
  mini_magick
  pg
  railroady (~> 1)
  rails (= 3.2.12)
  rails-erd
  rb-inotify (= 0.8.8)
  rqrcode-rails3
  rspec-rails (~> 2)
  ruby-graphviz
  ruby-units (~> 1.4.2)
  sass-rails (~> 3.2.3)
  select2-bikebinder (>= 0.1.9)!
  select2-rails
  spork (= 0.9.0)
  sqlite3 (~> 1.3.6)
  squeel (~> 1.0.14)
  state_machine (~> 1.1.2)
  strong_parameters
  surveyor (~> 0.22.0)
  therubyracer (~> 0.10.1)
  turn
  uglifier (>= 1.0.3)
