GIT
  remote: git://github.com/D1plo1d/acts_as_commentable_with_threading.git
  revision: df42eb7e02619c1a5739ccba8556ceb89fe9efa0
  branch: patch-1
  specs:
    acts_as_commentable_with_threading (1.1.2)
      activerecord (>= 3.0)
      activesupport (>= 3.0)
      awesome_nested_set (>= 2.0)

GIT
  remote: git://github.com/FriendlyId/friendly_id.git
  revision: cc5ce00077b168523a95b195d9911e5576e6489f
  specs:
    friendly_id (5.0.0.alpha1)

GIT
  remote: git://github.com/sporkrb/spork-rails.git
  revision: 3224f84d8c31fcb0894e9a43f6c3ac67e3aa0d71
  specs:
    spork-rails (3.2.1)
      rails (>= 3.0.0, < 5)
      spork (>= 1.0rc0)

GIT
  remote: git://github.com/zflat/bike_mfg.git
  revision: e6fe4cd763801022f247a1fd393a9bc7eb84a7f2
  specs:
    bike_mfg (0.1.6)
      activemodel (~> 4.0.0)
      oj
      rabl (>= 0.8.6)
      squeel (~> 1.1.0)

GIT
  remote: git://github.com/zflat/color_name-i18n.git
  revision: f1aa16f77ae74ca7158917f721c6e19be64756ee
  specs:
    color_name-i18n (0.2.2)
      activemodel
      bundler (~> 1.2)
      i18n

GIT
  remote: git://github.com/zflat/iso_bsd-i18n.git
  revision: ae2777fa9d774e0e724fe3d9c264023c83639aa6
  specs:
    iso_bsd-i18n (0.2.0)
      bundler (~> 1.2)
      i18n

GIT
  remote: git://github.com/zflat/select2-bikebinder.git
  revision: ebdb5a980b04ba9160c2b936912b216ea18608e1
  specs:
    select2-bikebinder (0.1.11)
      activesupport
      bundler (~> 1.2)

GEM
  remote: https://rubygems.org/
  specs:
    actionmailer (4.0.0)
      actionpack (= 4.0.0)
      mail (~> 2.5.3)
    actionpack (4.0.0)
      activesupport (= 4.0.0)
      builder (~> 3.1.0)
      erubis (~> 2.7.0)
      rack (~> 1.5.2)
      rack-test (~> 0.6.2)
    activemodel (4.0.0)
      activesupport (= 4.0.0)
      builder (~> 3.1.0)
    activerecord (4.0.0)
      activemodel (= 4.0.0)
      activerecord-deprecated_finders (~> 1.0.2)
      activesupport (= 4.0.0)
      arel (~> 4.0.0)
    activerecord-deprecated_finders (1.0.3)
    activesupport (4.0.0)
      i18n (~> 0.6, >= 0.6.4)
      minitest (~> 4.2)
      multi_json (~> 1.3)
      thread_safe (~> 0.1)
      tzinfo (~> 0.3.37)
    ansi (1.4.3)
    arel (4.0.0)
    atomic (1.1.10)
    awesome_nested_set (2.1.6)
      activerecord (>= 3.0.0)
    bcrypt-ruby (3.1.1)
    bootstrap-sass (2.3.2.1)
      sass (~> 3.2)
    builder (3.1.4)
    cancan (1.6.10)
    capybara (2.1.0)
      mime-types (>= 1.16)
      nokogiri (>= 1.3.3)
      rack (>= 1.0.0)
      rack-test (>= 0.5.4)
      xpath (~> 2.0)
    childprocess (0.3.9)
      ffi (~> 1.0, >= 1.0.11)
    choice (0.1.6)
    coderay (1.0.9)
    coffee-rails (4.0.0)
      coffee-script (>= 2.2.0)
      railties (>= 4.0.0.beta, < 5.0)
    coffee-script (2.2.0)
      coffee-script-source
      execjs
    coffee-script-source (1.6.3)
    datagrid (0.7.1)
      rails (>= 3.0)
    decent_exposure (2.2.0)
    devise (3.0.0)
      bcrypt-ruby (~> 3.0)
      orm_adapter (~> 0.1)
      railties (>= 3.2.6, < 5)
      warden (~> 1.2.3)
    diff-lcs (1.2.4)
    erubis (2.7.0)
    eventmachine (1.0.3)
    execjs (1.4.0)
      multi_json (~> 1.0)
    factory_girl (4.2.0)
      activesupport (>= 3.0.0)
    factory_girl_rails (4.2.1)
      factory_girl (~> 4.2.0)
      railties (>= 3.0.0)
    faye-websocket (0.4.7)
      eventmachine (>= 0.12.0)
    ffi (1.9.0)
    formatador (0.2.4)
    guard (1.8.1)
      formatador (>= 0.2.4)
      listen (>= 1.0.0)
      lumberjack (>= 1.0.2)
      pry (>= 0.9.10)
      thor (>= 0.14.6)
    guard-rspec (0.5.5)
      guard (>= 0.8.4)
    guard-spork (1.5.1)
      childprocess (>= 0.2.3)
      guard (>= 1.1)
      spork (>= 0.8.4)
    hike (1.2.3)
    hound (0.3.0)
      rails (>= 3.1.0)
    http_parser.rb (0.5.3)
    httparty (0.11.0)
      multi_json (~> 1.0)
      multi_xml (>= 0.5.2)
    i18n (0.6.4)
    i18n-js (2.1.2)
      i18n
    jquery-datatables-rails (1.11.2)
      jquery-rails
    jquery-rails (2.3.0)
      railties (>= 3.0, < 5.0)
      thor (>= 0.14, < 2.0)
    jquery-ui-rails (4.0.4)
      jquery-rails
      railties (>= 3.1.0)
    jquery-ui-themes (0.0.11)
      httparty
    libnotify (0.5.9)
    libv8 (3.11.8.17)
    listen (1.2.2)
      rb-fsevent (>= 0.9.3)
      rb-inotify (>= 0.9)
      rb-kqueue (>= 0.2)
    lumberjack (1.0.4)
    mail (2.5.4)
      mime-types (~> 1.16)
      treetop (~> 1.4.8)
    method_source (0.8.2)
    mime-types (1.23)
    mini_magick (3.6.0)
      subexec (~> 0.2.1)
    mini_portile (0.5.1)
    minitest (4.7.5)
    multi_json (1.7.7)
    multi_xml (0.5.4)
    nokogiri (1.6.0)
      mini_portile (~> 0.5.0)
    oj (2.1.4)
    orm_adapter (0.4.0)
    pg (0.16.0)
    poltergeist (1.3.0)
      capybara (~> 2.1.0)
      faye-websocket (>= 0.4.4, < 0.5.0)
      http_parser.rb (~> 0.5.3)
    polyamorous (0.6.3)
      activerecord (>= 3.0)
    polyglot (0.3.3)
    protected_attributes (1.0.3)
      activemodel (>= 4.0.0, < 5.0)
    pry (0.9.12.2)
      coderay (~> 1.0.5)
      method_source (~> 0.8)
      slop (~> 3.4)
    rabl (0.8.6)
      activesupport (>= 2.3.14)
    rack (1.5.2)
    rack-test (0.6.2)
      rack (>= 1.0)
    railroady (1.1.0)
    rails (4.0.0)
      actionmailer (= 4.0.0)
      actionpack (= 4.0.0)
      activerecord (= 4.0.0)
      activesupport (= 4.0.0)
      bundler (>= 1.3.0, < 2.0)
      railties (= 4.0.0)
      sprockets-rails (~> 2.0.0)
    rails-erd (1.1.0)
      activerecord (>= 3.0)
      activesupport (>= 3.0)
      choice (~> 0.1.6)
      ruby-graphviz (~> 1.0.4)
    rails_12factor (0.0.2)
      rails_serve_static_assets
      rails_stdout_logging
    rails_serve_static_assets (0.0.1)
    rails_stdout_logging (0.0.1)
    railties (4.0.0)
      actionpack (= 4.0.0)
      activesupport (= 4.0.0)
      rake (>= 0.8.7)
      thor (>= 0.18.1, < 2.0)
    rake (10.1.0)
    rb-fsevent (0.9.3)
    rb-inotify (0.9.0)
      ffi (>= 0.5.0)
    rb-kqueue (0.2.0)
      ffi (>= 0.5.0)
    ref (1.0.5)
    rqrcode (0.4.2)
    rqrcode-rails3 (0.1.6)
      rqrcode (>= 0.4.2)
    rspec-core (2.14.4)
    rspec-expectations (2.14.0)
      diff-lcs (>= 1.1.3, < 2.0)
    rspec-mocks (2.14.1)
    rspec-rails (2.14.0)
      actionpack (>= 3.0)
      activesupport (>= 3.0)
      railties (>= 3.0)
      rspec-core (~> 2.14.0)
      rspec-expectations (~> 2.14.0)
      rspec-mocks (~> 2.14.0)
    ruby-graphviz (1.0.9)
    ruby-units (1.4.4)
    sass (3.2.10)
    sass-rails (4.0.0)
      railties (>= 4.0.0.beta, < 5.0)
      sass (>= 3.1.10)
      sprockets-rails (~> 2.0.0)
    select2-rails (3.4.3)
      sass-rails
      thor (~> 0.14)
    slop (3.4.6)
    spork (1.0.0rc3)
    sprockets (2.10.0)
      hike (~> 1.2)
      multi_json (~> 1.0)
      rack (~> 1.0)
      tilt (~> 1.1, != 1.3.0)
    sprockets-rails (2.0.0)
      actionpack (>= 3.0)
      activesupport (>= 3.0)
      sprockets (~> 2.8)
    sqlite3 (1.3.7)
    squeel (1.1.0)
      activerecord (>= 3.0)
      activesupport (>= 3.0)
      polyamorous (~> 0.6.0)
    state_machine (1.2.0)
    subexec (0.2.3)
    therubyracer (0.11.4)
      libv8 (~> 3.11.8.12)
      ref
    thor (0.18.1)
    thread_safe (0.1.2)
      atomic
    tilt (1.4.1)
    treetop (1.4.14)
      polyglot
      polyglot (>= 0.3.1)
    turn (0.9.6)
      ansi
    tzinfo (0.3.37)
    uglifier (2.1.2)
      execjs (>= 0.3.0)
      multi_json (~> 1.0, >= 1.0.2)
    warden (1.2.3)
      rack (>= 1.0)
    xpath (2.0.0)
      nokogiri (~> 1.3)

PLATFORMS
  ruby

DEPENDENCIES
  acts_as_commentable_with_threading (= 1.1.2)!
  bike_mfg (>= 0.1.6)!
  bootstrap-sass (~> 2.3.2.1)
  cancan (~> 1.6.10)
  capybara (~> 2.1.0)
  coffee-rails (~> 4.0.0)
  color_name-i18n (>= 0.2)!
  datagrid (~> 0.7.1)
  decent_exposure (~> 2.2.0)
  devise (~> 3.0.0)
  factory_girl_rails (~> 4.2.1)
  friendly_id!
  guard-rspec (= 0.5.5)
  guard-spork (~> 1.5.1)
  hound (~> 0.3.0)
  i18n-js
  iso_bsd-i18n (>= 0.2)!
  jquery-datatables-rails
  jquery-rails (~> 2)
  jquery-ui-rails
  jquery-ui-themes
  libnotify (= 0.5.9)
  mini_magick
  pg
  poltergeist (~> 1.3.0)
  protected_attributes
  railroady (~> 1)
  rails (= 4.0.0)
  rails-erd
  rails_12factor
  rb-inotify (~> 0.9)
  rqrcode-rails3
  rspec-rails (~> 2)
  ruby-graphviz
  ruby-units (~> 1.4.4)
  select2-bikebinder (>= 0.1.11)!
  select2-rails
  spork-rails!
  sqlite3 (~> 1.3.6)
  squeel (~> 1.1.0)
  state_machine (~> 1.2.0)
  therubyracer (~> 0.11.4)
  turn
  uglifier (>= 1.3.0)
